GEM
  remote: https://rubygems.org/
  specs:
    cfn-model (0.4.4)
      kwalify (= 0.7.2)
      psych (~> 3)
    cfn-nag (0.4.42)
      cfn-model (= 0.4.4)
      colorize (= 0.8.1)
      jmespath (~> 1.3.1)
      logging (~> 2.2.2)
      netaddr (~> 2.0.4)
      trollop (~> 2.1.2)
    colorize (0.8.1)
    diff-lcs (1.3)
    docile (1.3.2)
    jmespath (1.3.1)
    json (2.2.0)
    kwalify (0.7.2)
    little-plugger (1.1.4)
    logging (2.2.2)
      little-plugger (~> 1.1)
      multi_json (~> 1.10)
    multi_json (1.14.1)
    netaddr (2.0.4)
    psych (3.1.0)
    rspec (3.9.0)
      rspec-core (~> 3.9.0)
      rspec-expectations (~> 3.9.0)
      rspec-mocks (~> 3.9.0)
    rspec-core (3.9.0)
      rspec-support (~> 3.9.0)
    rspec-expectations (3.9.0)
      diff-lcs (>= 1.2.0, < 2.0)
      rspec-support (~> 3.9.0)
    rspec-mocks (3.9.0)
      diff-lcs (>= 1.2.0, < 2.0)
      rspec-support (~> 3.9.0)
    rspec-support (3.9.0)
    simplecov (0.17.1)
      docile (~> 1.1)
      json (>= 1.8, < 3)
      simplecov-html (~> 0.10.0)
    simplecov-html (0.10.2)
    trollop (2.1.3)

PLATFORMS
  ruby

DEPENDENCIES
  cfn-nag
  rspec
  simplecov

BUNDLED WITH
   1.17.3
