GEM
  remote: https://rubygems.org/
  specs:
    cfn-model (0.1.8)
      kwalify (= 0.7.2)
    cfn-nag (0.3.9)
      cfn-model (= 0.1.8)
      jmespath (= 1.3.1)
      logging (= 2.2.2)
      netaddr (= 1.5.1)
      trollop (= 2.1.2)
    diff-lcs (1.3)
    docile (1.1.5)
    jmespath (1.3.1)
    json (2.1.0)
    kwalify (0.7.2)
    little-plugger (1.1.4)
    logging (2.2.2)
      little-plugger (~> 1.1)
      multi_json (~> 1.10)
    multi_json (1.12.2)
    netaddr (1.5.1)
    rspec (3.7.0)
      rspec-core (~> 3.7.0)
      rspec-expectations (~> 3.7.0)
      rspec-mocks (~> 3.7.0)
    rspec-core (3.7.0)
      rspec-support (~> 3.7.0)
    rspec-expectations (3.7.0)
      diff-lcs (>= 1.2.0, < 2.0)
      rspec-support (~> 3.7.0)
    rspec-mocks (3.7.0)
      diff-lcs (>= 1.2.0, < 2.0)
      rspec-support (~> 3.7.0)
    rspec-support (3.7.0)
    simplecov (0.15.1)
      docile (~> 1.1.0)
      json (>= 1.8, < 3)
      simplecov-html (~> 0.10.0)
    simplecov-html (0.10.2)
    trollop (2.1.2)

PLATFORMS
  ruby

DEPENDENCIES
  cfn-nag
  rspec
  simplecov

BUNDLED WITH
   1.16.0
#x